PATH
  remote: .
  specs:
    ruby_detective (0.0.0)
      parser (~> 2.6.5)

GEM
  remote: https://rubygems.org/
  specs:
    ast (2.4.0)
    parser (2.6.5.0)
      ast (~> 2.4.0)

PLATFORMS
  ruby

DEPENDENCIES
  ruby_detective!

BUNDLED WITH
   1.17.2
