PATH
  remote: .
  specs:
    ruby_detective (0.0.0)
      parser (~> 2.6.5)

GEM
  remote: https://rubygems.org/
  specs:
    ansi (1.5.0)
    ast (2.4.0)
    builder (3.2.4)
    minitest (5.13.0)
    minitest-reporters (1.4.2)
      ansi
      builder
      minitest (>= 5.0)
      ruby-progressbar
    parser (2.6.5.0)
      ast (~> 2.4.0)
    rake (13.0.1)
    ruby-progressbar (1.10.1)

PLATFORMS
  ruby

DEPENDENCIES
  minitest (~> 5.13.0)
  minitest-reporters (~> 1.4.2)
  rake (~> 13.0.1)
  ruby_detective!

BUNDLED WITH
   1.17.2
